GEM
  remote: https://rubygems.org/
  specs:
    fast_gettext (0.8.1)
    get_pomo (0.6.3)

PLATFORMS
  ruby

DEPENDENCIES
  fast_gettext (~> 0.8)
  get_pomo (~> 0.6)
